PATH
  remote: .
  specs:
    bootstrap_helpers (0.1.3)
      listen

GEM
  remote: https://rubygems.org/
  specs:
    ffi (1.15.5)
    listen (3.7.1)
      rb-fsevent (~> 0.10, >= 0.10.3)
      rb-inotify (~> 0.9, >= 0.9.10)
    rake (12.3.3)
    rb-fsevent (0.11.1)
    rb-inotify (0.10.1)
      ffi (~> 1.0)

PLATFORMS
  ruby

DEPENDENCIES
  bootstrap_helpers!
  listen
  rake (~> 12.0)

BUNDLED WITH
   2.1.4
